GEM
  remote: https://rubygems.org/
  specs:
    coderay (1.1.3)
    device_detector (1.0.5)
    method_source (1.0.0)
    mustermann (1.1.1)
      ruby2_keywords (~> 0.0.1)
    paho-mqtt (1.0.12)
    pry (0.14.1)
      coderay (~> 1.1)
      method_source (~> 1.0)
    rack (2.2.3)
    rack-protection (2.1.0)
      rack
    redis (4.2.5)
    redis-objects (1.5.0)
      redis (~> 4.0)
    ruby2_keywords (0.0.4)
    sinatra (2.1.0)
      mustermann (~> 1.0)
      rack (~> 2.2)
      rack-protection (= 2.1.0)
      tilt (~> 2.0)
    tilt (2.0.10)

PLATFORMS
  aarch64-linux
  x86_64-linux

DEPENDENCIES
  device_detector
  paho-mqtt
  pry
  redis-objects
  sinatra

BUNDLED WITH
   2.2.15
